GEM
  remote: http://rubygems.org/
  specs:
    bson (1.5.1)
    bson_ext (1.5.1)
    bunny (0.7.8)
    mongo (1.5.1)
      bson (= 1.5.1)
    nokogiri (1.5.0)
    robots (0.10.1)

PLATFORMS
  ruby

DEPENDENCIES
  bson_ext
  bunny
  mongo
  nokogiri (>= 1.3.0)
  robots (>= 0.7.2)
